GIT
  remote: git@github.com:rightscale/right_http_connection.git
  revision: e5482b9d9573a030030047e331bfd221dfb16ce1
  tag: v1.4.0
  specs:
    right_http_connection (1.4.0)

GEM
  remote: http://rubygems.org/
  specs:
    libxml-ruby (3.1.0)
    rake (0.8.7)
    rcov (1.0.0)

PLATFORMS
  ruby

DEPENDENCIES
  libxml-ruby (~> 3.1.0)
  rake
  rcov
  right_http_connection (>= 1.2.5)!

BUNDLED WITH
   1.16.1
